PATH
  remote: .
  specs:
    assimp_bindings (0.1.0)
      ffi (~> 1.15.5)
      zeitwerk (~> 2.4.2)
    belts_engine (0.2.0)
      belts_support (= 0.2.0)
    belts_support (0.2.0)
      activesupport (~> 7.0.4.1)
      assimp_bindings (~> 0.1.0)
      bgfx_bindings (~> 0.1.0)
      cglm_bindings (~> 0.1.0)
      flecs_bindings (~> 0.1.0)
      sdl2-bindings (~> 0.1.4)
      zeitwerk (~> 2.4.2)
    bgfx_bindings (0.1.0)
      ffi (~> 1.15.5)
      zeitwerk (~> 2.4.2)
    cglm_bindings (0.1.0)
      ffi (~> 1.15.5)
      zeitwerk (~> 2.4.2)
    flecs_bindings (0.1.0)
      ffi (~> 1.15.5)
      zeitwerk (~> 2.4.2)

PATH
  remote: belts
  specs:
    belts (0.2.0)
      belts_engine (= 0.2.0)
      thor (~> 1.2.1)

GEM
  remote: https://rubygems.org/
  specs:
    activesupport (7.0.4.3)
      concurrent-ruby (~> 1.0, >= 1.0.2)
      i18n (>= 1.6, < 2)
      minitest (>= 5.1)
      tzinfo (~> 2.0)
    ast (2.4.2)
    concurrent-ruby (1.2.3)
    diff-lcs (1.5.0)
    ffi (1.15.5)
    i18n (1.14.1)
      concurrent-ruby (~> 1.0)
    json (2.7.1)
    language_server-protocol (3.17.0.3)
    lint_roller (1.1.0)
    minitest (5.21.2)
    parallel (1.24.0)
    parser (3.3.0.5)
      ast (~> 2.4.1)
      racc
    racc (1.7.3)
    rainbow (3.1.1)
    regexp_parser (2.9.0)
    rexml (3.2.6)
    rspec (3.12.0)
      rspec-core (~> 3.12.0)
      rspec-expectations (~> 3.12.0)
      rspec-mocks (~> 3.12.0)
    rspec-core (3.12.2)
      rspec-support (~> 3.12.0)
    rspec-expectations (3.12.3)
      diff-lcs (>= 1.2.0, < 2.0)
      rspec-support (~> 3.12.0)
    rspec-mocks (3.12.6)
      diff-lcs (>= 1.2.0, < 2.0)
      rspec-support (~> 3.12.0)
    rspec-support (3.12.1)
    rubocop (1.59.0)
      json (~> 2.3)
      language_server-protocol (>= 3.17.0)
      parallel (~> 1.10)
      parser (>= 3.2.2.4)
      rainbow (>= 2.2.2, < 4.0)
      regexp_parser (>= 1.8, < 3.0)
      rexml (>= 3.2.5, < 4.0)
      rubocop-ast (>= 1.30.0, < 2.0)
      ruby-progressbar (~> 1.7)
      unicode-display_width (>= 2.4.0, < 3.0)
    rubocop-ast (1.30.0)
      parser (>= 3.2.1.0)
    rubocop-capybara (2.20.0)
      rubocop (~> 1.41)
    rubocop-factory_bot (2.25.1)
      rubocop (~> 1.41)
    rubocop-performance (1.20.2)
      rubocop (>= 1.48.1, < 2.0)
      rubocop-ast (>= 1.30.0, < 2.0)
    rubocop-rspec (2.26.1)
      rubocop (~> 1.40)
      rubocop-capybara (~> 2.17)
      rubocop-factory_bot (~> 2.22)
    ruby-progressbar (1.13.0)
    sdl2-bindings (0.1.6)
      ffi (~> 1.15)
    standard (1.33.0)
      language_server-protocol (~> 3.17.0.2)
      lint_roller (~> 1.0)
      rubocop (~> 1.59.0)
      standard-custom (~> 1.0.0)
      standard-performance (~> 1.3)
    standard-custom (1.0.2)
      lint_roller (~> 1.0)
      rubocop (~> 1.50)
    standard-performance (1.3.1)
      lint_roller (~> 1.1)
      rubocop-performance (~> 1.20.2)
    thor (1.2.2)
    tzinfo (2.0.6)
      concurrent-ruby (~> 1.0)
    unicode-display_width (2.5.0)
    zeitwerk (2.4.2)

PLATFORMS
  x86_64-linux

DEPENDENCIES
  belts!
  rspec
  rubocop-rspec (~> 2.11)
  standard (~> 1.12)

RUBY VERSION
   ruby 3.1.2p20

BUNDLED WITH
   2.4.12
