GEM
  remote: https://rubygems.org/
  specs:
    opengl-bindings (1.6.11)
    zeitwerk (2.4.2)

PLATFORMS
  x86_64-linux

DEPENDENCIES
  opengl-bindings
  zeitwerk

RUBY VERSION
   ruby 3.0.1p64

BUNDLED WITH
   2.2.20
