PATH
  remote: belts_engine
  specs:
    belts_engine (0.0.0)

PATH
  remote: belts_opengl
  specs:
    belts_opengl (0.0.0)
      belts_engine (~> 0.0.0)
      belts_support (~> 0.0.0)
      opengl-bindings2 (~> 2.0.0)

PATH
  remote: belts_support
  specs:
    belts_support (0.0.0)
      activesupport (~> 7.0.0)
      matrix (~> 0.4.2)
      thor (~> 1.2.1)
      zeitwerk (~> 2.4.2)

GEM
  remote: https://rubygems.org/
  specs:
    activesupport (7.0.2.4)
      concurrent-ruby (~> 1.0, >= 1.0.2)
      i18n (>= 1.6, < 2)
      minitest (>= 5.1)
      tzinfo (~> 2.0)
    concurrent-ruby (1.1.10)
    i18n (1.10.0)
      concurrent-ruby (~> 1.0)
    matrix (0.4.2)
    minitest (5.15.0)
    opengl-bindings2 (2.0.0)
    thor (1.2.1)
    tzinfo (2.0.4)
      concurrent-ruby (~> 1.0)
    zeitwerk (2.4.2)

PLATFORMS
  x86_64-linux

DEPENDENCIES
  belts_engine!
  belts_opengl!
  belts_support!

RUBY VERSION
   ruby 3.1.2p20

BUNDLED WITH
   2.3.4
