PATH
  remote: .
  specs:
    assimp_bindings (0.1.0)
      ffi (~> 1.15.5)
      zeitwerk (~> 2.4.2)
    belts (0.2.0)
      belts_engine (= 0.2.0)
      thor (~> 1.2.1)
    belts_engine (0.2.0)
      belts_support (= 0.2.0)
    belts_support (0.2.0)
      activesupport (~> 7.0.4.1)
      assimp_bindings (~> 0.1.0)
      bgfx_bindings (~> 0.1.0)
      cglm_bindings (~> 0.1.0)
      flecs_bindings (~> 0.1.0)
      sdl2-bindings (~> 0.1.4)
      zeitwerk (~> 2.4.2)
    bgfx_bindings (0.1.0)
      ffi (~> 1.15.5)
      zeitwerk (~> 2.4.2)
    cglm_bindings (0.1.0)
      ffi (~> 1.15.5)
      zeitwerk (~> 2.4.2)
    flecs_bindings (0.1.0)
      ffi (~> 1.15.5)
      zeitwerk (~> 2.4.2)

GEM
  remote: https://rubygems.org/
  specs:
    activesupport (7.0.4.3)
      concurrent-ruby (~> 1.0, >= 1.0.2)
      i18n (>= 1.6, < 2)
      minitest (>= 5.1)
      tzinfo (~> 2.0)
    concurrent-ruby (1.2.3)
    ffi (1.15.5)
    i18n (1.14.1)
      concurrent-ruby (~> 1.0)
    minitest (5.22.0)
    sdl2-bindings (0.1.6)
      ffi (~> 1.15)
    thor (1.2.2)
    tzinfo (2.0.6)
      concurrent-ruby (~> 1.0)
    zeitwerk (2.4.2)

PLATFORMS
  x86_64-linux

DEPENDENCIES
  belts!

RUBY VERSION
   ruby 3.1.2p20

BUNDLED WITH
   2.4.12
